PATH
  remote: .
  specs:
    route53 (0.3.0)
      builder
      nokogiri
      ruby-hmac

GEM
  remote: https://rubygems.org/
  specs:
    builder (3.2.2)
    mini_portile (0.5.2)
    nokogiri (1.6.1)
      mini_portile (~> 0.5.0)
    ruby-hmac (0.4.0)

PLATFORMS
  ruby

DEPENDENCIES
  route53!
